STORAGE: NONE
RESTRICTION: == netstandard2.0
NUGET
  remote: https://www.nuget.org/api/v2
    Fable.AST (4.2.1)
    Fable.Browser.Blob (1.3)
      Fable.Core (>= 3.0)
      FSharp.Core (>= 4.7.2)
    Fable.Browser.Dom (2.14)
      Fable.Browser.Blob (>= 1.3)
      Fable.Browser.Event (>= 1.5)
      Fable.Browser.WebStorage (>= 1.2)
      Fable.Core (>= 3.2.8)
      FSharp.Core (>= 4.7.2)
    Fable.Browser.Event (1.5)
      Fable.Browser.Gamepad (>= 1.1)
      Fable.Core (>= 3.0)
      FSharp.Core (>= 4.7.2)
    Fable.Browser.Gamepad (1.2)
      Fable.Core (>= 3.0)
      FSharp.Core (>= 4.7.2)
    Fable.Browser.WebStorage (1.2)
      Fable.Browser.Event (>= 1.5)
      Fable.Core (>= 3.0)
      FSharp.Core (>= 4.7.2)
    Fable.Core (3.7.1)
    Fable.Date (1.0)
      Fable.Core (>= 2.0.2)
      FSharp.Core (>= 4.5.2)
    Fable.Elmish (4.0.1)
      Fable.Core (>= 3.7.1)
      FSharp.Core (>= 4.7.2)
    Fable.Elmish.Browser (4.0.1)
      Fable.Browser.Dom (>= 2.10.1)
      Fable.Elmish (>= 4.0)
      Fable.Elmish.UrlParser (>= 1.0.1)
      FSharp.Core (>= 4.7.2)
    Fable.Elmish.Debugger (4.0)
      Fable.Elmish (>= 4.0)
      FSharp.Core (>= 6.0.7)
      Thoth.Json (>= 6.0)
    Fable.Elmish.HMR (7.0)
      Fable.Core (>= 3.7.1)
      Fable.Elmish.React (>= 4.0)
      FSharp.Core (>= 4.7.2)
    Fable.Elmish.React (4.0)
      Fable.Elmish (>= 4.0)
      Fable.ReactDom.Types (>= 18.0)
      FSharp.Core (>= 4.7.2)
    Fable.Elmish.UrlParser (1.0.1)
      FSharp.Core (>= 4.7.2)
    Fable.Fetch (2.6)
      Fable.Browser.Blob (>= 1.2)
      Fable.Browser.Event (>= 1.5)
      Fable.Core (>= 3.7.1)
      Fable.Promise (>= 2.2.2)
      FSharp.Core (>= 4.7.2)
    Fable.FontAwesome (3.0.0-beta-001)
      Fable.Core (>= 3.7.1)
      Fable.React (>= 9.0.1 < 10.0)
    Fable.FontAwesome.Free (3.0.0-beta-001)
      Fable.Core (>= 3.7.1)
      Fable.FontAwesome (>= 3.0.0-beta-001)
      Fable.React (>= 9.0.1 < 10.0)
    Fable.JsonProvider (1.1.1)
      FSharp.Core (>= 6.0.1)
    Fable.Promise (3.2)
      Fable.Core (>= 3.7.1)
      FSharp.Core (>= 4.7.2)
    Fable.React (9.2)
      Fable.React.Types (>= 18.3)
      Fable.ReactDom.Types (>= 18.2)
      FSharp.Core (>= 4.7.2)
    Fable.React.Types (18.3)
      Fable.Browser.Dom (>= 2.4.4)
      Fable.Core (>= 3.2.7)
      FSharp.Core (>= 4.7.2)
    Fable.ReactDom.Types (18.2)
      Fable.React.Types (>= 18.3)
      FSharp.Core (>= 4.7.2)
    Feliz (2.4)
      Fable.ReactDom.Types (>= 18.2)
      Feliz.CompilerPlugins (>= 2.0)
      FSharp.Core (>= 4.7.2)
    Feliz.CompilerPlugins (2.0)
      Fable.AST (>= 4.2.1)
      FSharp.Core (>= 4.7.2)
    Feliz.Recharts (4.1)
      Feliz (>= 2.3)
      FSharp.Core (>= 4.7.2)
    FSharp.Core (7.0) - redirects: force
    Fulma (3.0.0-beta-001)
      Fable.Core (>= 3.7.1)
      Fable.React (>= 9.0.1 < 10.0)
    Fulma.Elmish (1.0.0-beta-001)
      Fable.Core (>= 3.7.1)
      Fable.Date (>= 1.0)
      Fable.Elmish (>= 4.0.0-beta-5)
      Fable.FontAwesome (>= 3.0.0-beta-001)
      Fable.FontAwesome.Free (>= 3.0.0-beta-001)
      Fable.React (>= 9.0.1 < 10.0)
      Fulma.Extensions.Wikiki.Calendar (>= 3.0.0-beta-001)
    Fulma.Extensions.Wikiki.Calendar (3.0.0-beta-001)
      Fable.Core (>= 3.7.1)
      Fable.React (>= 9.0.1 < 10.0)
      Fulma (>= 3.0.0-beta-001)
    Thoth.Fetch (3.0.1)
      Fable.Core (>= 3.2.8)
      Fable.Fetch (>= 2.1)
      Fable.Promise (>= 2.0)
      FSharp.Core (>= 4.7.2)
      Thoth.Json (>= 6.0)
    Thoth.Json (10.0)
      Fable.Core (>= 3.1.6)
      FSharp.Core (>= 4.7.2)
